{"Modality": "MR", "MagneticFieldStrength": 3, "ImagingFrequency": 123.255, "Manufacturer": "Siemens", "ManufacturersModelName": "Prisma_fit", "InstitutionName": "NeuroSpin", "InstitutionalDepartmentName": "Department", "InstitutionAddress": "Street N306,SACLAY,IdF,FR,91400", "DeviceSerialNumber": "67069", "StationName": "MRCTRIO", "BodyPartExamined": "BRAIN", "PatientPosition": "HFS", "ProcedureStepDescription": "Protocoles^ABseq16", "SoftwareVersions": "syngo MR E11", "MRAcquisitionType": "2D", "SeriesDescription": "epi1.75mm_MB3_TR1.81_TE30.4_PF7_8_354rep_RUN1", "ProtocolName": "epi1.75mm_MB3_TR1.81_TE30.4_PF7_8_354rep_RUN1", "ScanningSequence": "EP", "SequenceVariant": "SK\\SP", "ScanOptions": "PFP\\FS", "SequenceName": "epfid2d1_110", "ImageType": ["ORIGINAL", "PRIMARY", "M", "MB", "ND", "MOSAIC"], "NonlinearGradientCorrection": false, "SeriesNumber": 10, "AcquisitionTime": "13:34:0.695000", "AcquisitionNumber": 1, "ImageComments": "Unaliased MB3/PE3", "SliceThickness": 1.75, "SpacingBetweenSlices": 1.75, "SAR": 0.105242, "EchoTime": 0.0304, "RepetitionTime": 1.81, "SpoilingState": true, "FlipAngle": 71, "PartialFourier": 0.875, "BaseResolution": 110, "ShimSetting": [-655, 2364, -661, 690, -4, -37, -31, -14], "TxRefAmp": 253.896, "PhaseResolution": 1, "ReceiveCoilName": "HeadNeck_64", "ReceiveCoilActiveElements": "HC1-6", "PulseSequenceDetails": "%CustomerSeq%\\cmrr_mbep2d_bold", "WipMemBlock": "1944a71b-f6db-4e8a-ab7e-898d0107ca12||Sequence: R016 ve11c/master r/34fb20f; Nov 20 2017 15:15:15 by eja", "CoilCombinationMethod": "Sum of Squares", "ConsistencyInfo": "N4_VE11C_LATEST_20160120", "MatrixCoilMode": "SENSE", "MultibandAccelerationFactor": 3, "PercentPhaseFOV": 100, "PercentSampling": 100, "EchoTrainLength": 96, "PhaseEncodingSteps": 96, "AcquisitionMatrixPE": 110, "ReconMatrixPE": 110, "BandwidthPerPixelPhaseEncode": 15.408, "EffectiveEchoSpacing": 0.000590012, "DerivedVendorReportedEchoSpacing": 0.000590012, "TotalReadoutTime": 0.0643113, "PixelBandwidth": 2065, "DwellTime": 2.2e-06, "PhaseEncodingDirection": "j", "SliceTiming": [0, 0.9325, 0.0775, 1.01, 0.155, 1.09, 0.2325, 1.1675, 0.31, 1.245, 0.3875, 1.3225, 0.4675, 1.4, 0.545, 1.4775, 0.6225, 1.555, 0.7, 1.6325, 0.7775, 1.7125, 0.855, 0, 0.9325, 0.0775, 1.01, 0.155, 1.09, 0.2325, 1.1675, 0.31, 1.245, 0.3875, 1.3225, 0.4675, 1.4, 0.545, 1.4775, 0.6225, 1.555, 0.7, 1.6325, 0.7775, 1.7125, 0.855, 0, 0.9325, 0.0775, 1.01, 0.155, 1.09, 0.2325, 1.1675, 0.31, 1.245, 0.3875, 1.3225, 0.4675, 1.4, 0.545, 1.4775, 0.6225, 1.555, 0.7, 1.6325, 0.7775, 1.7125, 0.855], "ImageOrientationPatientDICOM": [1, 0, 0, 0, 0.984503, -0.175367], "ImageOrientationText": "Tra>Cor(-10.1)", "InPlanePhaseEncodingDirectionDICOM": "COL", "ConversionSoftware": "dcm2niix", "ConversionSoftwareVersion": "v1.0.20220720", "TaskName": "abseq"}