{
	"Modality": "MR",
	"MagneticFieldStrength": 3,
	"ImagingFrequency": 123.255,
	"Manufacturer": "Siemens",
	"ManufacturersModelName": "Prisma_fit",
	"InstitutionName": "NeuroSpin",
	"InstitutionalDepartmentName": "Department",
	"InstitutionAddress": "Street N306,SACLAY,IdF,FR,91400",
	"DeviceSerialNumber": "67069",
	"StationName": "MRCTRIO",
	"BodyPartExamined": "BRAIN",
	"PatientPosition": "HFS",
	"ProcedureStepDescription": "Protocoles^ABseq16",
	"SoftwareVersions": "syngo MR E11",
	"MRAcquisitionType": "2D",
	"SeriesDescription": "se_mb3_1.75mm_AP",
	"ProtocolName": "se_mb3_1.75mm_AP",
	"ScanningSequence": "EP",
	"SequenceVariant": "SK",
	"ScanOptions": "PFP\\FS\\EXT",
	"SequenceName": "epse2d1_110",
	"ImageType": ["ORIGINAL", "PRIMARY", "M", "MB", "ND", "MOSAIC"],
	"NonlinearGradientCorrection": false,
	"SeriesNumber": 6,
	"AcquisitionTime": "09:58:31.790000",
	"AcquisitionNumber": 1,
	"ImageComments": "Unaliased MB3/PE3",
	"SliceThickness": 1.75,
	"SpacingBetweenSlices": 1.75,
	"SAR": 0.183817,
	"EchoTime": 0.0554,
	"RepetitionTime": 2.38,
	"FlipAngle": 73,
	"PartialFourier": 0.875,
	"BaseResolution": 110,
	"ShimSetting": [
		-643,
		2387,
		-730,
		530,
		16,
		14,
		21,
		10	],
	"TxRefAmp": 227.244,
	"PhaseResolution": 1,
	"ReceiveCoilName": "HeadNeck_64",
	"ReceiveCoilActiveElements": "HC1-6",
	"PulseSequenceDetails": "%CustomerSeq%\\cmrr_mbep2d_se",
	"WipMemBlock": "0c2d5820-a22f-4732-9dfe-bf19eb9721f4||Sequence: R016 ve11c/master r/34fb20f; Nov 20 2017 15:30:40 by eja",
	"CoilCombinationMethod": "Sum of Squares",
	"ConsistencyInfo": "N4_VE11C_LATEST_20160120",
	"MatrixCoilMode": "SENSE",
	"MultibandAccelerationFactor": 3,
	"PercentPhaseFOV": 100,
	"PercentSampling": 100,
	"EchoTrainLength": 96,
	"PhaseEncodingSteps": 96,
	"AcquisitionMatrixPE": 110,
	"ReconMatrixPE": 110,
	"BandwidthPerPixelPhaseEncode": 15.408,
	"EffectiveEchoSpacing": 0.000590012,
	"DerivedVendorReportedEchoSpacing": 0.000590012,
	"TotalReadoutTime": 0.0643113,
	"PixelBandwidth": 2065,
	"DwellTime": 2.2e-06,
	"PhaseEncodingDirection": "j-",
	"SliceTiming": [
		0,
		1.2325,
		0.1025,
		1.335,
		0.205,
		1.4375,
		0.31,
		1.54,
		0.4125,
		1.6425,
		0.515,
		1.745,
		0.6175,
		1.8475,
		0.72,
		1.95,
		0.8225,
		2.0525,
		0.925,
		2.155,
		1.0275,
		2.2575,
		1.13,
		0,
		1.2325,
		0.1025,
		1.335,
		0.205,
		1.4375,
		0.31,
		1.54,
		0.4125,
		1.6425,
		0.515,
		1.745,
		0.6175,
		1.8475,
		0.72,
		1.95,
		0.8225,
		2.0525,
		0.925,
		2.155,
		1.0275,
		2.2575,
		1.13,
		0,
		1.2325,
		0.1025,
		1.335,
		0.205,
		1.4375,
		0.31,
		1.54,
		0.4125,
		1.6425,
		0.515,
		1.745,
		0.6175,
		1.8475,
		0.72,
		1.95,
		0.8225,
		2.0525,
		0.925,
		2.155,
		1.0275,
		2.2575,
		1.13	],
	"ImageOrientationPatientDICOM": [
		1,
		0,
		0,
		0,
		0.984503,
		-0.175367	],
	"ImageOrientationText": "Tra>Cor(-10.1)",
	"InPlanePhaseEncodingDirectionDICOM": "COL",
	"ConversionSoftware": "dcm2niix",
	"ConversionSoftwareVersion": "v1.0.20220720"
}
