{"Modality": "MR", "MagneticFieldStrength": 3, "ImagingFrequency": 123.254, "Manufacturer": "Siemens", "ManufacturersModelName": "Prisma_fit", "InstitutionName": "NeuroSpin", "InstitutionalDepartmentName": "Department", "InstitutionAddress": "Street N306,SACLAY,IdF,FR,91400", "DeviceSerialNumber": "67069", "StationName": "MRCTRIO", "BodyPartExamined": "BRAIN", "PatientPosition": "HFS", "ProcedureStepDescription": "Protocoles^ABseq16", "SoftwareVersions": "syngo MR E11", "MRAcquisitionType": "2D", "SeriesDescription": "epi1.75mm_MB3_TR1.81_TE30.4_PF7_8_354rep_RUN2", "ProtocolName": "epi1.75mm_MB3_TR1.81_TE30.4_PF7_8_354rep_RUN2", "ScanningSequence": "EP", "SequenceVariant": "SK\\SP", "ScanOptions": "PFP\\FS", "SequenceName": "epfid2d1_110", "ImageType": ["ORIGINAL", "PRIMARY", "M", "MB", "ND", "MOSAIC"], "NonlinearGradientCorrection": false, "SeriesNumber": 12, "AcquisitionTime": "11:34:42.900000", "AcquisitionNumber": 1, "ImageComments": "Unaliased MB3/PE3", "SliceThickness": 1.75, "SpacingBetweenSlices": 1.75, "SAR": 0.0784864, "EchoTime": 0.0304, "RepetitionTime": 1.81, "SpoilingState": true, "FlipAngle": 71, "PartialFourier": 0.875, "BaseResolution": 110, "ShimSetting": [-654, 2366, -711, 637, -41, 155, -53, -3], "TxRefAmp": 205.799, "PhaseResolution": 1, "ReceiveCoilName": "HeadNeck_64", "ReceiveCoilActiveElements": "HC1-6", "PulseSequenceDetails": "%CustomerSeq%\\cmrr_mbep2d_bold", "WipMemBlock": "c51eec42-7757-4c64-9a69-7c5e8f8914a5||Sequence: R016 ve11c/master r/34fb20f; Nov 20 2017 15:15:15 by eja", "CoilCombinationMethod": "Sum of Squares", "ConsistencyInfo": "N4_VE11C_LATEST_20160120", "MatrixCoilMode": "SENSE", "MultibandAccelerationFactor": 3, "PercentPhaseFOV": 100, "PercentSampling": 100, "EchoTrainLength": 96, "PhaseEncodingSteps": 96, "AcquisitionMatrixPE": 110, "ReconMatrixPE": 110, "BandwidthPerPixelPhaseEncode": 15.408, "EffectiveEchoSpacing": 0.000590012, "DerivedVendorReportedEchoSpacing": 0.000590012, "TotalReadoutTime": 0.0643113, "PixelBandwidth": 2065, "DwellTime": 2.2e-06, "PhaseEncodingDirection": "j", "SliceTiming": [0, 0.935, 0.0775, 1.0125, 0.155, 1.09, 0.235, 1.1675, 0.3125, 1.245, 0.39, 1.3225, 0.4675, 1.4, 0.545, 1.48, 0.6225, 1.5575, 0.7, 1.635, 0.7775, 1.7125, 0.8575, 0, 0.935, 0.0775, 1.0125, 0.155, 1.09, 0.235, 1.1675, 0.3125, 1.245, 0.39, 1.3225, 0.4675, 1.4, 0.545, 1.48, 0.6225, 1.5575, 0.7, 1.635, 0.7775, 1.7125, 0.8575, 0, 0.935, 0.0775, 1.0125, 0.155, 1.09, 0.235, 1.1675, 0.3125, 1.245, 0.39, 1.3225, 0.4675, 1.4, 0.545, 1.48, 0.6225, 1.5575, 0.7, 1.635, 0.7775, 1.7125, 0.8575], "ImageOrientationPatientDICOM": [1, 0, 0, 0, 0.997441, -0.0714974], "ImageOrientationText": "Tra>Cor(-4.1)", "InPlanePhaseEncodingDirectionDICOM": "COL", "ConversionSoftware": "dcm2niix", "ConversionSoftwareVersion": "v1.0.20220720", "TaskName": "abseq"}