{"Modality": "MR", "MagneticFieldStrength": 3, "ImagingFrequency": 123.254, "Manufacturer": "Siemens", "ManufacturersModelName": "Prisma_fit", "InstitutionName": "NeuroSpin", "InstitutionalDepartmentName": "Department", "InstitutionAddress": "Street N306,SACLAY,IdF,FR,91400", "DeviceSerialNumber": "67069", "StationName": "MRCTRIO", "BodyPartExamined": "BRAIN", "PatientPosition": "HFS", "ProcedureStepDescription": "Protocoles^ABseq16", "SoftwareVersions": "syngo MR E11", "MRAcquisitionType": "2D", "SeriesDescription": "epi1.75mm_MB3_TR1.81_TE30.4_PF7_8_354rep_RUN3", "ProtocolName": "epi1.75mm_MB3_TR1.81_TE30.4_PF7_8_354rep_RUN3", "ScanningSequence": "EP", "SequenceVariant": "SK\\SP", "ScanOptions": "PFP\\FS", "SequenceName": "epfid2d1_110", "ImageType": ["ORIGINAL", "PRIMARY", "M", "MB", "ND", "MOSAIC"], "NonlinearGradientCorrection": false, "SeriesNumber": 14, "AcquisitionTime": "14:56:33.345000", "AcquisitionNumber": 1, "ImageComments": "Unaliased MB3/PE3", "SliceThickness": 1.75, "SpacingBetweenSlices": 1.75, "SAR": 0.0796427, "EchoTime": 0.0304, "RepetitionTime": 1.81, "SpoilingState": true, "FlipAngle": 71, "PartialFourier": 0.875, "BaseResolution": 110, "ShimSetting": [-654, 2410, -745, 677, 35, 260, -92, 10], "TxRefAmp": 207.441, "PhaseResolution": 1, "ReceiveCoilName": "HeadNeck_64", "ReceiveCoilActiveElements": "HC1-7", "PulseSequenceDetails": "%CustomerSeq%\\cmrr_mbep2d_bold", "WipMemBlock": "7ed0276e-183c-4c1a-a90a-398ed33623ba||Sequence: R016 ve11c/master r/34fb20f; Nov 20 2017 15:15:15 by eja", "CoilCombinationMethod": "Sum of Squares", "ConsistencyInfo": "N4_VE11C_LATEST_20160120", "MatrixCoilMode": "SENSE", "MultibandAccelerationFactor": 3, "PercentPhaseFOV": 100, "PercentSampling": 100, "EchoTrainLength": 96, "PhaseEncodingSteps": 96, "AcquisitionMatrixPE": 110, "ReconMatrixPE": 110, "BandwidthPerPixelPhaseEncode": 15.408, "EffectiveEchoSpacing": 0.000590012, "DerivedVendorReportedEchoSpacing": 0.000590012, "TotalReadoutTime": 0.0643113, "PixelBandwidth": 2065, "DwellTime": 2.2e-06, "PhaseEncodingDirection": "j", "SliceTiming": [0, 0.935, 0.0775, 1.0125, 0.155, 1.09, 0.2325, 1.1675, 0.3125, 1.245, 0.39, 1.3225, 0.4675, 1.4, 0.545, 1.4775, 0.6225, 1.5575, 0.7, 1.635, 0.7775, 1.7125, 0.855, 0, 0.935, 0.0775, 1.0125, 0.155, 1.09, 0.2325, 1.1675, 0.3125, 1.245, 0.39, 1.3225, 0.4675, 1.4, 0.545, 1.4775, 0.6225, 1.5575, 0.7, 1.635, 0.7775, 1.7125, 0.855, 0, 0.935, 0.0775, 1.0125, 0.155, 1.09, 0.2325, 1.1675, 0.3125, 1.245, 0.39, 1.3225, 0.4675, 1.4, 0.545, 1.4775, 0.6225, 1.5575, 0.7, 1.635, 0.7775, 1.7125, 0.855], "ImageOrientationPatientDICOM": [1, 0, 0, 0, 0.981627, -0.190809], "ImageOrientationText": "Tra>Cor(-11.0)", "InPlanePhaseEncodingDirectionDICOM": "COL", "ConversionSoftware": "dcm2niix", "ConversionSoftwareVersion": "v1.0.20220720", "TaskName": "abseq"}