{
	"Modality": "MR",
	"MagneticFieldStrength": 3,
	"ImagingFrequency": 123.254,
	"Manufacturer": "Siemens",
	"ManufacturersModelName": "Prisma_fit",
	"InstitutionName": "NeuroSpin",
	"InstitutionalDepartmentName": "Department",
	"InstitutionAddress": "Street N306,SACLAY,IdF,FR,91400",
	"DeviceSerialNumber": "67069",
	"StationName": "MRCTRIO",
	"BodyPartExamined": "BRAIN",
	"PatientPosition": "HFS",
	"ProcedureStepDescription": "Protocoles^ABseq16",
	"SoftwareVersions": "syngo MR E11",
	"MRAcquisitionType": "2D",
	"SeriesDescription": "se_mb3_1.75mm_PA",
	"ProtocolName": "se_mb3_1.75mm_PA",
	"ScanningSequence": "EP",
	"SequenceVariant": "SK",
	"ScanOptions": "PFP\\FS\\EXT",
	"SequenceName": "epse2d1_110",
	"ImageType": ["ORIGINAL", "PRIMARY", "M", "MB", "ND", "MOSAIC"],
	"NonlinearGradientCorrection": false,
	"SeriesNumber": 4,
	"AcquisitionTime": "12:03:0.642500",
	"AcquisitionNumber": 1,
	"ImageComments": "Unaliased MB3/PE3",
	"SliceThickness": 1.75,
	"SpacingBetweenSlices": 1.75,
	"SAR": 0.16353,
	"EchoTime": 0.0554,
	"RepetitionTime": 2.38,
	"FlipAngle": 73,
	"PartialFourier": 0.875,
	"BaseResolution": 110,
	"ShimSetting": [
		-658,
		2347,
		-713,
		589,
		19,
		21,
		6,
		22	],
	"TxRefAmp": 227.918,
	"PhaseResolution": 1,
	"ReceiveCoilName": "HeadNeck_64",
	"ReceiveCoilActiveElements": "HC1-6",
	"PulseSequenceDetails": "%CustomerSeq%\\cmrr_mbep2d_se",
	"WipMemBlock": "de45cad8-4c54-4d89-be7a-27ebc820c6cc||Sequence: R016 ve11c/master r/34fb20f; Nov 20 2017 15:30:40 by eja",
	"CoilCombinationMethod": "Sum of Squares",
	"ConsistencyInfo": "N4_VE11C_LATEST_20160120",
	"MatrixCoilMode": "SENSE",
	"MultibandAccelerationFactor": 3,
	"PercentPhaseFOV": 100,
	"PercentSampling": 100,
	"EchoTrainLength": 96,
	"PhaseEncodingSteps": 96,
	"AcquisitionMatrixPE": 110,
	"ReconMatrixPE": 110,
	"BandwidthPerPixelPhaseEncode": 15.408,
	"EffectiveEchoSpacing": 0.000590012,
	"DerivedVendorReportedEchoSpacing": 0.000590012,
	"TotalReadoutTime": 0.0643113,
	"PixelBandwidth": 2065,
	"DwellTime": 2.2e-06,
	"PhaseEncodingDirection": "j",
	"SliceTiming": [
		0,
		1.23,
		0.1025,
		1.3325,
		0.205,
		1.435,
		0.3075,
		1.5375,
		0.41,
		1.64,
		0.5125,
		1.7425,
		0.615,
		1.845,
		0.7175,
		1.9475,
		0.82,
		2.0525,
		0.9225,
		2.155,
		1.025,
		2.2575,
		1.1275,
		0,
		1.23,
		0.1025,
		1.3325,
		0.205,
		1.435,
		0.3075,
		1.5375,
		0.41,
		1.64,
		0.5125,
		1.7425,
		0.615,
		1.845,
		0.7175,
		1.9475,
		0.82,
		2.0525,
		0.9225,
		2.155,
		1.025,
		2.2575,
		1.1275,
		0,
		1.23,
		0.1025,
		1.3325,
		0.205,
		1.435,
		0.3075,
		1.5375,
		0.41,
		1.64,
		0.5125,
		1.7425,
		0.615,
		1.845,
		0.7175,
		1.9475,
		0.82,
		2.0525,
		0.9225,
		2.155,
		1.025,
		2.2575,
		1.1275	],
	"ImageOrientationPatientDICOM": [
		1,
		0,
		0,
		0,
		0.990983,
		-0.133986	],
	"ImageOrientationText": "Tra>Cor(-7.7)",
	"InPlanePhaseEncodingDirectionDICOM": "COL",
	"ConversionSoftware": "dcm2niix",
	"ConversionSoftwareVersion": "v1.0.20220720"
}
