{
	"Modality": "MR",
	"MagneticFieldStrength": 3,
	"ImagingFrequency": 123.254,
	"Manufacturer": "Siemens",
	"ManufacturersModelName": "Prisma_fit",
	"InstitutionName": "NeuroSpin",
	"InstitutionalDepartmentName": "Department",
	"InstitutionAddress": "Street N306,SACLAY,IdF,FR,91400",
	"DeviceSerialNumber": "67069",
	"StationName": "MRCTRIO",
	"BodyPartExamined": "BRAIN",
	"PatientPosition": "HFS",
	"ProcedureStepDescription": "Protocoles^ABseq16",
	"SoftwareVersions": "syngo MR E11",
	"MRAcquisitionType": "2D",
	"SeriesDescription": "se_mb3_1.75mm_AP",
	"ProtocolName": "se_mb3_1.75mm_AP",
	"ScanningSequence": "EP",
	"SequenceVariant": "SK",
	"ScanOptions": "PFP\\FS\\EXT",
	"SequenceName": "epse2d1_110",
	"ImageType": ["ORIGINAL", "PRIMARY", "M", "MB", "ND", "MOSAIC"],
	"NonlinearGradientCorrection": false,
	"SeriesNumber": 6,
	"AcquisitionTime": "11:19:8.985000",
	"AcquisitionNumber": 1,
	"ImageComments": "Unaliased MB3/PE3",
	"SliceThickness": 1.75,
	"SpacingBetweenSlices": 1.75,
	"SAR": 0.163399,
	"EchoTime": 0.0554,
	"RepetitionTime": 2.38,
	"FlipAngle": 73,
	"PartialFourier": 0.875,
	"BaseResolution": 110,
	"ShimSetting": [
		-654,
		2366,
		-711,
		637,
		-41,
		155,
		-53,
		-3	],
	"TxRefAmp": 205.799,
	"PhaseResolution": 1,
	"ReceiveCoilName": "HeadNeck_64",
	"ReceiveCoilActiveElements": "HC1-6",
	"PulseSequenceDetails": "%CustomerSeq%\\cmrr_mbep2d_se",
	"WipMemBlock": "0637a9a2-b020-41c3-ab33-3ac6f5d53c22||Sequence: R016 ve11c/master r/34fb20f; Nov 20 2017 15:30:40 by eja",
	"CoilCombinationMethod": "Sum of Squares",
	"ConsistencyInfo": "N4_VE11C_LATEST_20160120",
	"MatrixCoilMode": "SENSE",
	"MultibandAccelerationFactor": 3,
	"PercentPhaseFOV": 100,
	"PercentSampling": 100,
	"EchoTrainLength": 96,
	"PhaseEncodingSteps": 96,
	"AcquisitionMatrixPE": 110,
	"ReconMatrixPE": 110,
	"BandwidthPerPixelPhaseEncode": 15.408,
	"EffectiveEchoSpacing": 0.000590012,
	"DerivedVendorReportedEchoSpacing": 0.000590012,
	"TotalReadoutTime": 0.0643113,
	"PixelBandwidth": 2065,
	"DwellTime": 2.2e-06,
	"PhaseEncodingDirection": "j-",
	"SliceTiming": [
		0,
		1.2325,
		0.1025,
		1.335,
		0.205,
		1.4375,
		0.3075,
		1.54,
		0.41,
		1.6425,
		0.5125,
		1.745,
		0.615,
		1.8475,
		0.7175,
		1.95,
		0.82,
		2.0525,
		0.9225,
		2.155,
		1.025,
		2.2575,
		1.1275,
		0,
		1.2325,
		0.1025,
		1.335,
		0.205,
		1.4375,
		0.3075,
		1.54,
		0.41,
		1.6425,
		0.5125,
		1.745,
		0.615,
		1.8475,
		0.7175,
		1.95,
		0.82,
		2.0525,
		0.9225,
		2.155,
		1.025,
		2.2575,
		1.1275,
		0,
		1.2325,
		0.1025,
		1.335,
		0.205,
		1.4375,
		0.3075,
		1.54,
		0.41,
		1.6425,
		0.5125,
		1.745,
		0.615,
		1.8475,
		0.7175,
		1.95,
		0.82,
		2.0525,
		0.9225,
		2.155,
		1.025,
		2.2575,
		1.1275	],
	"ImageOrientationPatientDICOM": [
		1,
		0,
		0,
		0,
		0.997441,
		-0.0714974	],
	"ImageOrientationText": "Tra>Cor(-4.1)",
	"InPlanePhaseEncodingDirectionDICOM": "COL",
	"ConversionSoftware": "dcm2niix",
	"ConversionSoftwareVersion": "v1.0.20220720"
}
